PATH
  remote: .
  specs:
    mister_webhooks (0.0.0)
      avro (~> 1.12.0)
      cbor (~> 0.5.10.1)
      deep-freeze (~> 1.0, >= 1.0.1)
      rdkafka (~> 0.22.2)

GEM
  remote: https://rubygems.org/
  specs:
    ast (2.4.3)
    avro (1.12.0)
      multi_json (~> 1.0)
    awesome_print (1.9.2)
    cbor (0.5.10.1)
    deep-freeze (1.0.1)
    ffi (1.17.2-arm64-darwin)
    json (2.13.2)
    language_server-protocol (3.17.0.5)
    lint_roller (1.1.0)
    logger (1.5.3)
    mini_portile2 (2.8.9)
    multi_json (1.17.0)
    parallel (1.27.0)
    parser (3.3.9.0)
      ast (~> 2.4.1)
      racc
    prism (1.4.0)
    racc (1.8.1)
    rainbow (3.1.1)
    rake (13.0.6)
    rdkafka (0.22.2-arm64-darwin)
      ffi (~> 1.15)
      logger
      mini_portile2 (~> 2.6)
      rake (> 12)
    regexp_parser (2.11.2)
    rubocop (1.75.8)
      json (~> 2.3)
      language_server-protocol (~> 3.17.0.2)
      lint_roller (~> 1.1.0)
      parallel (~> 1.10)
      parser (>= 3.3.0.2)
      rainbow (>= 2.2.2, < 4.0)
      regexp_parser (>= 2.9.3, < 3.0)
      rubocop-ast (>= 1.44.0, < 2.0)
      ruby-progressbar (~> 1.7)
      unicode-display_width (>= 2.4.0, < 4.0)
    rubocop-ast (1.46.0)
      parser (>= 3.3.7.2)
      prism (~> 1.4)
    rubocop-performance (1.25.0)
      lint_roller (~> 1.1)
      rubocop (>= 1.75.0, < 2.0)
      rubocop-ast (>= 1.38.0, < 2.0)
    ruby-progressbar (1.13.0)
    standard (1.50.0)
      language_server-protocol (~> 3.17.0.2)
      lint_roller (~> 1.0)
      rubocop (~> 1.75.5)
      standard-custom (~> 1.0.0)
      standard-performance (~> 1.8)
    standard-custom (1.0.2)
      lint_roller (~> 1.0)
      rubocop (~> 1.50)
    standard-performance (1.8.0)
      lint_roller (~> 1.1)
      rubocop-performance (~> 1.25.0)
    unicode-display_width (3.1.4)
      unicode-emoji (~> 4.0, >= 4.0.4)
    unicode-emoji (4.0.4)
    yard (0.9.37)

PLATFORMS
  arm64-darwin-23

DEPENDENCIES
  awesome_print (= 1.9.2)
  mister_webhooks!
  standard (~> 1.50)
  yard (~> 0.9.37)

BUNDLED WITH
   2.4.19
